GEM
  remote: https://rubygems.org/
  specs:
    ast (2.4.1)
    ffi (1.13.1-x64-mingw32)
    listen (3.2.1)
      rb-fsevent (~> 0.10, >= 0.10.3)
      rb-inotify (~> 0.9, >= 0.9.10)
    nio4r (2.5.4)
    parallel (1.19.2)
    parser (2.7.2.0)
      ast (~> 2.4.1)
    puma (5.0.2)
      nio4r (~> 2.0)
    rack (2.2.3)
    rainbow (3.0.0)
    rb-fsevent (0.10.4)
    rb-inotify (0.10.1)
      ffi (~> 1.0)
    regexp_parser (1.8.2)
    rerun (0.13.0)
      listen (~> 3.0)
    rexml (3.2.4)
    roda (3.37.0)
      rack
    rubocop (1.0.0)
      parallel (~> 1.10)
      parser (>= 2.7.1.5)
      rainbow (>= 2.2.2, < 4.0)
      regexp_parser (>= 1.8)
      rexml
      rubocop-ast (>= 0.6.0)
      ruby-progressbar (~> 1.7)
      unicode-display_width (>= 1.4.0, < 2.0)
    rubocop-ast (1.0.1)
      parser (>= 2.7.1.5)
    ruby-progressbar (1.10.1)
    tilt (2.0.10)
    unicode-display_width (1.7.0)

PLATFORMS
  x64-mingw32

DEPENDENCIES
  puma
  rerun
  roda
  rubocop
  tilt

BUNDLED WITH
   2.1.4
